GEM
  remote: https://rubygems.org/
  specs:
    nokogiri (1.16.4-arm64-darwin)
      racc (~> 1.4)
    pandoc-ruby (2.1.10)
    racc (1.7.3)

PLATFORMS
  arm64-darwin-22

DEPENDENCIES
  nokogiri
  pandoc-ruby

BUNDLED WITH
   2.4.8
